PATH
  remote: .
  specs:
    pdf-master (0.1.1)
      mini_magick
      prawn
      prawn-templates

GEM
  remote: https://rubygems.org/
  specs:
    Ascii85 (2.0.1)
    afm (0.2.2)
    benchmark (0.4.0)
    bigdecimal (3.1.9)
    combine_pdf (1.0.29)
      matrix
      ruby-rc4 (>= 0.1.5)
    diff-lcs (1.6.0)
    hashery (2.1.2)
    logger (1.6.6)
    matrix (0.4.2)
    mini_magick (5.2.0)
      benchmark
      logger
    pdf-core (0.10.0)
    pdf-reader (2.14.1)
      Ascii85 (>= 1.0, < 3.0, != 2.0.0)
      afm (~> 0.2.1)
      hashery (~> 2.0)
      ruby-rc4
      ttfunk
    prawn (2.5.0)
      matrix (~> 0.4)
      pdf-core (~> 0.10.0)
      ttfunk (~> 1.8)
    prawn-templates (0.1.2)
      pdf-reader (~> 2.0)
      prawn (~> 2.2)
    rake (13.2.1)
    rspec (3.13.0)
      rspec-core (~> 3.13.0)
      rspec-expectations (~> 3.13.0)
      rspec-mocks (~> 3.13.0)
    rspec-core (3.13.3)
      rspec-support (~> 3.13.0)
    rspec-expectations (3.13.3)
      diff-lcs (>= 1.2.0, < 2.0)
      rspec-support (~> 3.13.0)
    rspec-mocks (3.13.2)
      diff-lcs (>= 1.2.0, < 2.0)
      rspec-support (~> 3.13.0)
    rspec-support (3.13.2)
    ruby-rc4 (0.1.5)
    ttfunk (1.8.0)
      bigdecimal (~> 3.1)

PLATFORMS
  ruby
  x86_64-linux

DEPENDENCIES
  bundler (~> 2.0)
  combine_pdf (~> 1.0)
  pdf-master!
  rake (~> 13.0)
  rspec (~> 3.0)

BUNDLED WITH
   2.4.6
